GEM
  remote: https://rubygems.org/
  specs:
    jpeg (0.7.0)
    rack (1.5.2)

PLATFORMS
  ruby

DEPENDENCIES
  jpeg
  rack
